GEM
  remote: https://rubygems.org/
  specs:
    pg (0.18.4)
    redis (3.2.2)

PLATFORMS
  ruby

DEPENDENCIES
  pg
  redis
